GEM
  remote: https://rubygems.org/
  specs:
    kgio (2.8.1)
    newrelic_rpm (3.6.8.168)
    rack (1.5.2)
    rack-protection (1.5.1)
      rack
    raindrops (0.12.0)
    rmagick (2.13.2)
    scrolls (0.3.3)
    sinatra (1.4.4)
      rack (~> 1.4)
      rack-protection (~> 1.4)
      tilt (~> 1.3, >= 1.3.4)
    tilt (1.4.1)
    unicorn (4.7.0)
      kgio (~> 2.6)
      rack
      raindrops (~> 0.7)

PLATFORMS
  ruby

DEPENDENCIES
  newrelic_rpm
  rmagick
  scrolls
  sinatra
  unicorn
